GEM
  remote: https://rubygems.org/
  specs:
    benchmark (0.4.0)
    bigdecimal (3.1.9)
    erubi (1.13.1)
    google-protobuf (4.29.3-aarch64-linux)
      bigdecimal
      rake (>= 13)
    google-protobuf (4.29.3-arm64-darwin)
      bigdecimal
      rake (>= 13)
    google-protobuf (4.29.3-x86_64-darwin)
      bigdecimal
      rake (>= 13)
    google-protobuf (4.29.3-x86_64-linux)
      bigdecimal
      rake (>= 13)
    netrc (0.11.0)
    parallel (1.26.3)
    prism (1.3.0)
    rake (13.2.1)
    rbi (0.2.4)
      prism (~> 1.0)
      sorbet-runtime (>= 0.5.9204)
    sorbet (0.5.11856)
      sorbet-static (= 0.5.11856)
    sorbet-runtime (0.5.11856)
    sorbet-static (0.5.11856-aarch64-linux)
    sorbet-static (0.5.11856-universal-darwin)
    sorbet-static (0.5.11856-x86_64-linux)
    sorbet-static-and-runtime (0.5.11856)
      sorbet (= 0.5.11856)
      sorbet-runtime (= 0.5.11856)
    spoom (1.5.4)
      erubi (>= 1.10.0)
      prism (>= 0.28.0)
      rbi (>= 0.2.3)
      sorbet-static-and-runtime (>= 0.5.10187)
      thor (>= 0.19.2)
    tapioca (0.16.11)
      benchmark
      bundler (>= 2.2.25)
      netrc (>= 0.11.0)
      parallel (>= 1.21.0)
      rbi (~> 0.2)
      sorbet-static-and-runtime (>= 0.5.11087)
      spoom (>= 1.2.0)
      thor (>= 1.2.0)
      yard-sorbet
    temporalio (0.3.0-aarch64-linux)
      google-protobuf (>= 3.27.0)
    temporalio (0.3.0-arm64-darwin)
      google-protobuf (>= 3.27.0)
    temporalio (0.3.0-x86_64-darwin)
      google-protobuf (>= 3.27.0)
    temporalio (0.3.0-x86_64-linux)
      google-protobuf (>= 3.27.0)
    temporalio (0.3.0-x86_64-linux-musl)
      google-protobuf (>= 3.27.0)
    thor (1.3.2)
    yard (0.9.37)
    yard-sorbet (0.9.0)
      sorbet-runtime
      yard

PLATFORMS
  aarch64-linux
  arm64-darwin
  universal-darwin
  x86_64-darwin
  x86_64-linux
  x86_64-linux-musl

DEPENDENCIES
  sorbet
  sorbet-runtime
  tapioca
  temporalio
  yard

BUNDLED WITH
   2.6.2
